PATH
  remote: .
  specs:
    capri (0.0.1)
      rack (>= 1.3.0)

GEM
  remote: http://rubygems.org/
  specs:
    git (1.2.5)
    haml (3.1.4)
    jeweler (1.8.3)
      bundler (~> 1.0)
      git (>= 1.2.5)
      rake
      rdoc
    json (1.6.5)
    nokogiri (1.5.2)
    rack (1.4.1)
    rack-protection (1.2.0)
      rack
    rake (0.9.2.2)
    rcov (0.9.10)
    rdoc (3.12)
      json (~> 1.4)
    shotgun (0.9)
      rack (>= 1.0)
    shoulda (3.0.0.beta2)
      shoulda-context (~> 1.0.0.beta1)
      shoulda-matchers (~> 1.0.0.beta1)
    shoulda-context (1.0.0.beta1)
    shoulda-matchers (1.0.0.beta3)
    sinatra (1.3.2)
      rack (~> 1.3, >= 1.3.6)
      rack-protection (~> 1.2)
      tilt (~> 1.3, >= 1.3.3)
    tilt (1.3.3)

PLATFORMS
  ruby

DEPENDENCIES
  bundler (~> 1.0.0)
  capri!
  haml
  jeweler (~> 1.8.3)
  nokogiri
  rack
  rake
  rcov
  rdoc (~> 3.12)
  shotgun
  shoulda
  sinatra
